GEM
  remote: https://rubygems.org/
  specs:
    ethon (0.7.1)
      ffi (>= 1.3.0)
    ffi (1.9.3)
    httparty (0.13.3)
      json (~> 1.8)
      multi_xml (>= 0.5.2)
    itunes-search-api (0.1.0)
      httparty
    json (1.8.1)
    market_bot (0.12.1)
      nokogiri
      typhoeus (>= 0.6.0)
    mini_portile (0.6.0)
    multi_xml (0.5.5)
    nokogiri (1.6.3.1)
      mini_portile (= 0.6.0)
    rack (1.5.2)
    rack-protection (1.5.3)
      rack
    sinatra (1.4.5)
      rack (~> 1.4)
      rack-protection (~> 1.4)
      tilt (~> 1.3, >= 1.3.4)
    tilt (1.4.1)
    typhoeus (0.7.0.pre1)
      ethon (>= 0.7.1)

PLATFORMS
  ruby

DEPENDENCIES
  itunes-search-api
  market_bot
  sinatra
